GEM
  remote: https://rubygems.org/
  specs:
    actionpack (6.1.7.4)
      actionview (= 6.1.7.4)
      activesupport (= 6.1.7.4)
      rack (~> 2.0, >= 2.0.9)
      rack-test (>= 0.6.3)
      rails-dom-testing (~> 2.0)
      rails-html-sanitizer (~> 1.0, >= 1.2.0)
    actionview (6.1.7.4)
      activesupport (= 6.1.7.4)
      builder (~> 3.1)
      erubi (~> 1.4)
      rails-dom-testing (~> 2.0)
      rails-html-sanitizer (~> 1.1, >= 1.2.0)
    activesupport (6.1.7.4)
      concurrent-ruby (~> 1.0, >= 1.0.2)
      i18n (>= 1.6, < 2)
      minitest (>= 5.1)
      tzinfo (~> 2.0)
      zeitwerk (~> 2.3)
    ansi (1.5.0)
    ast (2.4.2)
    axiom-types (0.1.1)
      descendants_tracker (~> 0.0.4)
      ice_nine (~> 0.11.0)
      thread_safe (~> 0.3, >= 0.3.1)
    backports (3.24.1)
    backtrace (0.4.0)
    base58 (0.2.3)
    builder (3.2.4)
    codecov (0.2.8)
      json
      simplecov
    coercible (1.0.0)
      descendants_tracker (~> 0.0.1)
    concurrent-ruby (1.2.2)
    crass (1.0.6)
    daemons (1.4.1)
    descendants_tracker (0.0.4)
      thread_safe (~> 0.3, >= 0.3.1)
    diff-lcs (1.5.0)
    differ (0.1.2)
    diffy (3.4.2)
    docile (1.4.0)
    erubi (1.12.0)
    eslintrb (2.1.0)
      execjs
      multi_json (>= 1.3)
      rake
    ethon (0.16.0)
      ffi (>= 1.15.0)
    eventmachine (1.2.7)
    execjs (2.8.1)
    faraday (0.17.6)
      multipart-post (>= 1.2, < 3)
    faraday_middleware (0.14.0)
      faraday (>= 0.7.4, < 1.0)
    ffi (1.15.5)
    futex (0.8.6)
    get_process_mem (0.2.7)
      ffi (~> 1.0)
    glogin (0.10.0)
      base58 (= 0.2.3)
    haml (5.0.4)
      temple (>= 0.8.0)
      tilt
    i18n (1.14.1)
      concurrent-ruby (~> 1.0)
    ice_nine (0.11.2)
    ipaddr (1.2.5)
    iri (0.5.0)
    jaro_winkler (1.5.6)
    json (2.6.3)
    listen (3.8.0)
      rb-fsevent (~> 0.10, >= 0.10.3)
      rb-inotify (~> 0.9, >= 0.9.10)
    loofah (2.21.3)
      crass (~> 1.0.2)
      nokogiri (>= 1.12.0)
    loog (0.2.1)
    memory_profiler (0.9.14)
    method_source (1.0.0)
    mimic (0.4.4)
      json
      plist (~> 3.1.0)
      rack
      sinatra
      thin
    mini_portile2 (2.8.2)
    minitest (5.16.3)
    minitest-reporters (1.5.0)
      ansi
      builder
      minitest (>= 5.0)
      ruby-progressbar
    multi_json (1.15.0)
    multipart-post (2.3.0)
    mustermann (1.1.2)
      ruby2_keywords (~> 0.0.1)
    nokogiri (1.15.2)
      mini_portile2 (~> 2.8.2)
      racc (~> 1.4)
    nokogiri (1.15.2-x86_64-darwin)
      racc (~> 1.4)
    openssl (2.2.3)
      ipaddr
    parallel (1.23.0)
    parser (3.2.2.3)
      ast (~> 2.4.1)
      racc
    pg (1.5.3)
    pgtk (0.7.5)
      backtrace (~> 0.3)
      loog (~> 0.2)
      pg (~> 1.1)
      random-port (~> 0.3)
    plist (3.1.0)
    powerpack (0.1.3)
    racc (1.7.1)
    rack (2.1.4.1)
    rack-protection (2.0.4)
      rack
    rack-ssl (1.4.1)
      rack
    rack-test (1.1.0)
      rack (>= 1.0, < 3)
    rails-dom-testing (2.0.3)
      activesupport (>= 4.2.0)
      nokogiri (>= 1.6)
    rails-html-sanitizer (1.6.0)
      loofah (~> 2.21)
      nokogiri (~> 1.14)
    railties (6.1.7.4)
      actionpack (= 6.1.7.4)
      activesupport (= 6.1.7.4)
      method_source
      rake (>= 12.2)
      thor (~> 1.0)
    rainbow (3.1.1)
    rake (12.3.3)
    random-port (0.6.0)
    rb-fsevent (0.11.2)
    rb-inotify (0.10.1)
      ffi (~> 1.0)
    redcarpet (3.5.1)
    relative_time (1.1.0)
      i18n
    rerun (0.13.1)
      listen (~> 3.0)
    rspec-core (3.8.2)
      rspec-support (~> 3.8.0)
    rspec-expectations (3.8.6)
      diff-lcs (>= 1.2.0, < 2.0)
      rspec-support (~> 3.8.0)
    rspec-mocks (3.8.2)
      diff-lcs (>= 1.2.0, < 2.0)
      rspec-support (~> 3.8.0)
    rspec-rails (3.8.1)
      actionpack (>= 3.0)
      activesupport (>= 3.0)
      railties (>= 3.0)
      rspec-core (~> 3.8.0)
      rspec-expectations (~> 3.8.0)
      rspec-mocks (~> 3.8.0)
      rspec-support (~> 3.8.0)
    rspec-support (3.8.3)
    rubocop (0.62.0)
      jaro_winkler (~> 1.5.1)
      parallel (~> 1.10)
      parser (>= 2.5, != 2.5.1.1)
      powerpack (~> 0.1)
      rainbow (>= 2.2.2, < 4.0)
      ruby-progressbar (~> 1.7)
      unicode-display_width (~> 1.4.0)
    rubocop-minitest (0.0.1)
    rubocop-performance (1.0.0)
      rubocop (>= 0.58.0)
    rubocop-rake (0.5.1)
      rubocop
    rubocop-rspec (1.30.1)
      rubocop (>= 0.60.0)
    ruby-progressbar (1.13.0)
    ruby2_keywords (0.0.5)
    sass (3.7.2)
      sass-listen (~> 4.0.0)
    sass-listen (4.0.0)
      rb-fsevent (~> 0.9, >= 0.9.4)
      rb-inotify (~> 0.9, >= 0.9.7)
    semantic (1.6.1)
    sentry-raven (2.7.4)
      faraday (>= 0.7.6, < 1.0)
    simplecov (0.22.0)
      docile (~> 1.1)
      simplecov-html (~> 0.11)
      simplecov_json_formatter (~> 0.1)
    simplecov-html (0.12.3)
    simplecov_json_formatter (0.1.4)
    sinatra (2.0.4)
      mustermann (~> 1.0)
      rack (~> 2.0)
      rack-protection (= 2.0.4)
      tilt (~> 2.0)
    sinatra-contrib (2.0.4)
      activesupport (>= 4.0.0)
      backports (>= 2.8.2)
      multi_json
      mustermann (~> 1.0)
      rack-protection (= 2.0.4)
      sinatra (= 2.0.4)
      tilt (>= 1.3, < 3)
    slop (4.10.1)
    sprockets (3.7.2)
      concurrent-ruby (~> 1.0)
      rack (> 1, < 3)
    sys-proctable (1.3.0)
      ffi (~> 1.1)
    tacky (0.3.5)
    telebot (0.1.2)
      faraday
      faraday_middleware
      virtus
    telepost (0.3.2)
      telebot (= 0.1.2)
    temple (0.10.2)
    thin (1.8.2)
      daemons (~> 1.0, >= 1.0.9)
      eventmachine (~> 1.0, >= 1.0.4)
      rack (>= 1, < 3)
    thor (1.2.2)
    thread_safe (0.3.6)
    threads (0.3.0)
      backtrace (~> 0)
      concurrent-ruby (~> 1.0)
    tilt (2.2.0)
    total (0.4.1)
    typhoeus (1.4.0)
      ethon (>= 0.9.0)
    tzinfo (2.0.6)
      concurrent-ruby (~> 1.0)
    unicode-display_width (1.4.1)
    usagewatch (0.0.7)
    usagewatch_ext (0.2.1)
      usagewatch (~> 0.0.6)
    veils (0.3.0)
    virtus (2.0.0)
      axiom-types (~> 0.1)
      coercible (~> 1.0)
      descendants_tracker (~> 0.0, >= 0.0.3)
    xcop (0.6)
      differ (~> 0.1.2)
      nokogiri (~> 1.8)
      rainbow (~> 3.0)
      slop (~> 4.4)
    zache (0.15.0)
    zeitwerk (2.6.8)
    zold (0.31.5)
      backtrace (>= 0.3)
      concurrent-ruby (~> 1.1)
      diffy (~> 3.3)
      futex (>= 0.8.5)
      get_process_mem (~> 0.2)
      haml (~> 5.0)
      json (~> 2.2)
      memory_profiler (~> 0.9)
      mimic (~> 0.4)
      openssl (~> 2.1)
      rainbow (~> 3.0)
      semantic (~> 1.6)
      sinatra (~> 2.0)
      slop (~> 4.6)
      sys-proctable (~> 1.2)
      thin (~> 1.7)
      threads (>= 0.3)
      total (>= 0.3)
      typhoeus (~> 1.3)
      usagewatch_ext (~> 0.2)
      zache (>= 0.12)
      zold-score (~> 0.4)
    zold-ruby-sdk (0.3.0)
      loog (~> 0.2)
      typhoeus (= 1.4.0)
      zold (~> 0.31)
    zold-score (0.5.0)

PLATFORMS
  arm64-darwin-23
  ruby
  x86_64-darwin-18
  x86_64-darwin-19
  x86_64-linux

DEPENDENCIES
  bundler (~> 2.3)
  codecov (~> 0.2)
  eslintrb (~> 2.1)
  glogin (~> 0.10)
  haml (~> 5.0)
  iri (~> 0.5)
  loog (~> 0.2)
  minitest (~> 5.16)
  minitest-reporters (~> 1.5)
  pgtk (~> 0.7)
  rack (= 2.1.4.1)
  rack-ssl (~> 1.4)
  rack-test (~> 1.1)
  rake (~> 12.3)
  redcarpet (~> 3.5)
  relative_time (~> 1.1)
  rerun (~> 0.13)
  rspec-rails (~> 3.8)
  rubocop (~> 0.62)
  rubocop-minitest (> 0)
  rubocop-performance (> 0)
  rubocop-rake (> 0)
  rubocop-rspec (~> 1.30)
  sass (~> 3.7)
  sentry-raven (~> 2.7)
  sinatra (~> 2.0)
  sinatra-contrib (~> 2.0)
  sprockets (~> 3.7)
  tacky (~> 0.3)
  telepost (>= 0.3.2)
  thin (~> 1.8)
  threads (>= 0.3)
  veils (~> 0.3)
  xcop (~> 0.6)
  zache (>= 0.12.0)
  zold-ruby-sdk (~> 0.3)

RUBY VERSION
   ruby 2.6.0p0

BUNDLED WITH
   2.5.16
